PATH
  remote: .
  specs:
    liquid-validations (1.1.2)
      activerecord
      liquid

GEM
  remote: https://rubygems.org/
  specs:
    activemodel (5.0.0.1)
      activesupport (= 5.0.0.1)
    activerecord (5.0.0.1)
      activemodel (= 5.0.0.1)
      activesupport (= 5.0.0.1)
      arel (~> 7.0)
    activesupport (5.0.0.1)
      concurrent-ruby (~> 1.0, >= 1.0.2)
      i18n (~> 0.7)
      minitest (~> 5.1)
      tzinfo (~> 1.1)
    arel (7.1.4)
    concurrent-ruby (1.0.2)
    i18n (0.7.0)
    liquid (4.0.0)
    minitest (5.10.1)
    rake (12.0.0)
    sqlite3 (1.3.12)
    thread_safe (0.3.5)
    tzinfo (1.2.2)
      thread_safe (~> 0.1)

PLATFORMS
  ruby

DEPENDENCIES
  liquid-validations!
  minitest
  rake
  sqlite3

BUNDLED WITH
   1.13.6
